GEM
  remote: https://rubygems.org/
  specs:
    diff-lcs (1.2.1)
    dnssd (2.0)
    ffi (1.4.0)
    ffi-rzmq (1.0.0)
      ffi
    msgpack (0.6.2)
    nio4r (1.1.1)
    rspec (2.13.0)
      rspec-core (~> 2.13.0)
      rspec-expectations (~> 2.13.0)
      rspec-mocks (~> 2.13.0)
    rspec-core (2.13.0)
    rspec-expectations (2.13.0)
      diff-lcs (>= 1.1.3, < 2.0)
    rspec-mocks (2.13.0)
    socketeer (0.0.17)
      msgpack
      nio4r
    zmq (2.1.4)

PLATFORMS
  ruby

DEPENDENCIES
  dnssd
  ffi-rzmq
  msgpack
  rspec
  socketeer
  zmq
