GEM
  remote: https://rubygems.org/
  specs:
    diff-lcs (1.2.1)
    msgpack (0.5.3)
    rspec (2.13.0)
      rspec-core (~> 2.13.0)
      rspec-expectations (~> 2.13.0)
      rspec-mocks (~> 2.13.0)
    rspec-core (2.13.0)
    rspec-expectations (2.13.0)
      diff-lcs (>= 1.1.3, < 2.0)
    rspec-mocks (2.13.0)
    zmq (2.1.4)

PLATFORMS
  ruby

DEPENDENCIES
  msgpack
  rspec
  zmq
